GIT
  remote: git://github.com/jnicklas/capybara.git
  revision: 6a17be47958efd40fada26efe92e43b3af468db9
  specs:
    capybara (1.0.0)
      mime-types (>= 1.16)
      nokogiri (>= 1.3.3)
      rack (>= 1.0.0)
      rack-test (>= 0.5.4)
      selenium-webdriver (~> 2.0.0)
      xpath (~> 0.1.4)

GEM
  remote: http://rubygems.org/
  specs:
    ZenTest (4.5.0)
    actionmailer (3.1.3)
      actionpack (= 3.1.3)
      mail (~> 2.3.0)
    actionpack (3.1.3)
      activemodel (= 3.1.3)
      activesupport (= 3.1.3)
      builder (~> 3.0.0)
      erubis (~> 2.7.0)
      i18n (~> 0.6)
      rack (~> 1.3.5)
      rack-cache (~> 1.1)
      rack-mount (~> 0.8.2)
      rack-test (~> 0.6.1)
      sprockets (~> 2.0.3)
    activemodel (3.1.3)
      activesupport (= 3.1.3)
      builder (~> 3.0.0)
      i18n (~> 0.6)
    activerecord (3.1.3)
      activemodel (= 3.1.3)
      activesupport (= 3.1.3)
      arel (~> 2.2.1)
      tzinfo (~> 0.3.29)
    activeresource (3.1.3)
      activemodel (= 3.1.3)
      activesupport (= 3.1.3)
    activesupport (3.1.3)
      multi_json (~> 1.0)
    acts_as_tree (0.1.1)
    annotate (2.4.0)
    archive-tar-minitar (0.5.2)
    arel (2.2.1)
    autotest (4.4.6)
      ZenTest (>= 4.4.1)
    autotest-rails-pure (4.1.2)
    bcrypt-ruby (3.0.1)
    best_in_place (1.0.4)
      jquery-rails
      rails (~> 3.1.0)
    builder (3.0.0)
    childprocess (0.1.9)
      ffi (~> 1.0.6)
    coffee-rails (3.1.1)
      coffee-script (>= 2.2.0)
      railties (~> 3.1.0)
    coffee-script (2.2.0)
      coffee-script-source
      execjs
    coffee-script-source (1.2.0)
    columnize (0.3.3)
    configuration (1.3.1)
    database_cleaner (0.6.7)
    declarative_authorization (0.5.3)
    devise (1.4.7)
      bcrypt-ruby (~> 3.0)
      orm_adapter (~> 0.0.3)
      warden (~> 1.0.3)
    diff-lcs (1.1.2)
    erubis (2.7.0)
    execjs (1.2.13)
      multi_json (~> 1.0)
    factory_girl (1.3.3)
    factory_girl_rails (1.0.1)
      factory_girl (~> 1.3)
      railties (>= 3.0.0)
    ffi (1.0.9)
    formtastic (2.0.2)
      rails (~> 3.0)
    hike (1.2.1)
    i18n (0.6.0)
    jquery-rails (1.0.19)
      railties (~> 3.0)
      thor (~> 0.14)
    json (1.5.1)
    json_pure (1.5.3)
    launchy (0.3.7)
      configuration (>= 0.0.5)
      rake (>= 0.8.1)
    libv8 (3.3.10.4)
    linecache19 (0.5.12)
      ruby_core_source (>= 0.1.4)
    mail (2.3.0)
      i18n (>= 0.4.0)
      mime-types (~> 1.16)
      treetop (~> 1.4.8)
    mime-types (1.17.2)
    multi_json (1.0.4)
    nifty-generators (0.4.6)
    nokogiri (1.5.0)
    orm_adapter (0.0.5)
    paperclip (2.3.11)
      activerecord (>= 2.3.0)
      activesupport (>= 2.3.2)
    pg (0.12.2)
    polyamorous (0.5.0)
      activerecord (~> 3.0)
    polyglot (0.3.3)
    rack (1.3.6)
    rack-cache (1.1)
      rack (>= 0.4)
    rack-mount (0.8.3)
      rack (>= 1.0.0)
    rack-ssl (1.3.2)
      rack
    rack-test (0.6.1)
      rack (>= 1.0)
    rails (3.1.3)
      actionmailer (= 3.1.3)
      actionpack (= 3.1.3)
      activerecord (= 3.1.3)
      activeresource (= 3.1.3)
      activesupport (= 3.1.3)
      bundler (~> 1.0)
      railties (= 3.1.3)
    railties (3.1.3)
      actionpack (= 3.1.3)
      activesupport (= 3.1.3)
      rack-ssl (~> 1.3.2)
      rake (>= 0.8.7)
      rdoc (~> 3.4)
      thor (~> 0.14.6)
    rake (0.9.2.2)
    rdoc (3.12)
      json (~> 1.4)
    redis (2.2.2)
    routing-filter (0.2.3)
      actionpack
    rspec (2.0.0)
      rspec-core (= 2.0.0)
      rspec-expectations (= 2.0.0)
      rspec-mocks (= 2.0.0)
    rspec-core (2.0.0)
    rspec-expectations (2.0.0)
      diff-lcs (>= 1.1.2)
    rspec-mocks (2.0.0)
      rspec-core (= 2.0.0)
      rspec-expectations (= 2.0.0)
    rspec-rails (2.0.0)
      rspec (= 2.0.0)
    ruby-debug-base19 (0.11.25)
      columnize (>= 0.3.1)
      linecache19 (>= 0.5.11)
      ruby_core_source (>= 0.1.4)
    ruby-debug19 (0.11.6)
      columnize (>= 0.3.1)
      linecache19 (>= 0.5.11)
      ruby-debug-base19 (>= 0.11.19)
    ruby_core_source (0.1.5)
      archive-tar-minitar (>= 0.5.2)
    rubyzip (0.9.4)
    sass (3.1.12)
    sass-rails (3.1.5)
      actionpack (~> 3.1.0)
      railties (~> 3.1.0)
      sass (~> 3.1.10)
      tilt (~> 1.3.2)
    selenium-webdriver (2.0.1)
      childprocess (>= 0.1.9)
      ffi (>= 1.0.7)
      json_pure
      rubyzip
    spork (0.9.0)
    sprockets (2.0.3)
      hike (~> 1.2)
      rack (~> 1.0)
      tilt (~> 1.1, != 1.3.0)
    squeel (0.9.3)
      activerecord (~> 3.0)
      activesupport (~> 3.0)
      polyamorous (~> 0.5.0)
    therubyracer (0.9.9)
      libv8 (~> 3.3.10)
    thor (0.14.6)
    tilt (1.3.3)
    treetop (1.4.10)
      polyglot
      polyglot (>= 0.3.1)
    tzinfo (0.3.31)
    uglifier (1.2.2)
      execjs (>= 0.3.0)
      multi_json (>= 1.0.2)
    warden (1.0.5)
      rack (>= 1.0)
    will_paginate (3.0.pre2)
    xpath (0.1.4)
      nokogiri (~> 1.3)

PLATFORMS
  ruby

DEPENDENCIES
  acts_as_tree (= 0.1.1)
  annotate
  autotest (= 4.4.6)
  autotest-rails-pure (= 4.1.2)
  best_in_place
  capybara!
  coffee-rails (~> 3.1.0)
  database_cleaner
  declarative_authorization (= 0.5.3)
  devise (~> 1.4.7)
  execjs
  factory_girl_rails (= 1.0.1)
  formtastic
  jquery-rails (~> 1.0.12)
  json (= 1.5.1)
  launchy
  nifty-generators (= 0.4.6)
  nokogiri (= 1.5.0)
  paperclip (= 2.3.11)
  pg (~> 0.12.1)
  rails (= 3.1.3)
  redis
  routing-filter (= 0.2.3)
  rspec-rails (= 2.0.0)
  ruby-debug19 (= 0.11.6)
  sass-rails (~> 3.1.0)
  spork (~> 0.9.0)
  squeel
  therubyracer
  uglifier
  will_paginate (= 3.0.pre2)
